PATH
  remote: ~/github/aria2-ruby
  specs:
    aria2-ruby (0.2.0)

GEM
  remote: https://rubygems.org/
  specs:
    coderay (1.1.0)
    method_source (0.8.2)
    mime-types (2.4.3)
    netrc (0.10.3)
    pry (0.10.1)
      coderay (~> 1.1.0)
      method_source (~> 0.8.1)
      slop (~> 3.4)
    rest-client (1.7.3)
      mime-types (>= 1.16, < 3.0)
      netrc (~> 0.7)
    slop (3.6.0)

PLATFORMS
  ruby

DEPENDENCIES
  aria2-ruby!
  pry
  rest-client
